GEM
  remote: https://rubygems.org/
  specs:
    awesome_print (1.6.1)
    minitest (5.4.3)

PLATFORMS
  ruby

DEPENDENCIES
  awesome_print
  minitest

BUNDLED WITH
   1.10.6
